GIT
  remote: https://github.com/yob/stackdriver_simple.git
  revision: ebbcd7a2a556db5a17d8facef22329ba01238018
  specs:
    stackdriver_simple (0.0.1)
      google-cloud-monitoring

GEM
  remote: https://rubygems.org/
  specs:
    addressable (2.6.0)
      public_suffix (>= 2.0.2, < 4.0)
    clamp (1.3.1)
    faraday (0.15.4)
      multipart-post (>= 1.2, < 3)
    google-cloud-monitoring (0.30.0)
      google-gax (~> 1.7)
      googleapis-common-protos-types (>= 1.0.2)
    google-gax (1.7.0)
      google-protobuf (~> 3.2)
      googleapis-common-protos (>= 1.3.5, < 2.0)
      googleauth (>= 0.6.2, < 0.10.0)
      grpc (>= 1.7.2, < 2.0)
      rly (~> 0.2.3)
    google-protobuf (3.8.0)
    googleapis-common-protos (1.3.9)
      google-protobuf (~> 3.0)
      googleapis-common-protos-types (~> 1.0)
      grpc (~> 1.0)
    googleapis-common-protos-types (1.0.4)
      google-protobuf (~> 3.0)
    googleauth (0.8.1)
      faraday (~> 0.12)
      jwt (>= 1.4, < 3.0)
      memoist (~> 0.16)
      multi_json (~> 1.11)
      os (>= 0.9, < 2.0)
      signet (~> 0.7)
    grpc (1.21.0)
      google-protobuf (~> 3.7)
      googleapis-common-protos-types (~> 1.0)
    jwt (2.2.1)
    memoist (0.16.0)
    multi_json (1.13.1)
    multipart-post (2.1.1)
    os (1.0.1)
    public_suffix (3.1.1)
    rly (0.2.3)
    signet (0.11.0)
      addressable (~> 2.3)
      faraday (~> 0.9)
      jwt (>= 1.5, < 3.0)
      multi_json (~> 1.10)

PLATFORMS
  ruby

DEPENDENCIES
  clamp
  google-protobuf (= 3.8.0)
  grpc (= 1.21.0)
  stackdriver_simple!

BUNDLED WITH
   2.0.2
